GEM
  remote: http://rubygems.org/
  specs:
    polyglot (0.3.3)
    quantity (0.1.2)
    treetop (1.4.10)
      polyglot
      polyglot (>= 0.3.1)

PLATFORMS
  ruby

DEPENDENCIES
  quantity
  treetop
